GEM
  remote: https://rubygems.org/
  specs:
    activesupport (7.0.3.1)
      concurrent-ruby (~> 1.0, >= 1.0.2)
      i18n (>= 1.6, < 2)
      minitest (>= 5.1)
      tzinfo (~> 2.0)
    addressable (2.8.0)
      public_suffix (>= 2.0.2, < 5.0)
    ast (2.4.2)
    concurrent-ruby (1.1.10)
    faraday (2.4.0)
      faraday-net_http (~> 2.0)
      ruby2_keywords (>= 0.0.4)
    faraday-net_http (2.1.0)
    faraday-retry (2.0.0)
      faraday (~> 2.0)
    gitlab (4.19.0)
      httparty (~> 0.20)
      terminal-table (>= 1.5.1)
    httparty (0.20.0)
      mime-types (~> 3.0)
      multi_xml (>= 0.5.2)
    i18n (1.12.0)
      concurrent-ruby (~> 1.0)
    json (2.6.2)
    mime-types (3.4.1)
      mime-types-data (~> 3.2015)
    mime-types-data (3.2022.0105)
    minitest (5.16.2)
    multi_xml (0.6.0)
    octokit (4.25.1)
      faraday (>= 1, < 3)
      sawyer (~> 0.9)
    parallel (1.22.1)
    parser (3.1.2.0)
      ast (~> 2.4.1)
    pronto (0.11.0)
      gitlab (~> 4.4, >= 4.4.0)
      httparty (>= 0.13.7)
      octokit (~> 4.7, >= 4.7.0)
      rainbow (>= 2.2, < 4.0)
      rexml (~> 3.2)
      rugged (>= 0.23.0, < 1.1.0)
      thor (>= 0.20.3, < 2.0)
    pronto-rubocop (0.11.2)
      pronto (~> 0.11.0)
      rubocop (>= 0.63.1, < 2.0)
    public_suffix (4.0.7)
    rack (2.2.4)
    rainbow (3.1.1)
    regexp_parser (2.5.0)
    rexml (3.2.5)
    rubocop (1.32.0)
      json (~> 2.3)
      parallel (~> 1.10)
      parser (>= 3.1.0.0)
      rainbow (>= 2.2.2, < 4.0)
      regexp_parser (>= 1.8, < 3.0)
      rexml (>= 3.2.5, < 4.0)
      rubocop-ast (>= 1.19.1, < 2.0)
      ruby-progressbar (~> 1.7)
      unicode-display_width (>= 1.4.0, < 3.0)
    rubocop-ast (1.20.1)
      parser (>= 3.1.1.0)
    rubocop-i18n (3.0.0)
      rubocop (~> 1.0)
    rubocop-md (1.0.1)
      rubocop (>= 1.0)
    rubocop-minitest (0.21.0)
      rubocop (>= 0.90, < 2.0)
    rubocop-performance (1.14.3)
      rubocop (>= 1.7.0, < 2.0)
      rubocop-ast (>= 0.4.0)
    rubocop-rails (2.15.2)
      activesupport (>= 4.2.0)
      rack (>= 1.1)
      rubocop (>= 1.7.0, < 2.0)
    rubocop-rake (0.6.0)
      rubocop (~> 1.0)
    rubocop-require_tools (0.1.2)
      rubocop (>= 0.49.1)
    rubocop-rspec (2.12.1)
      rubocop (~> 1.31)
    rubocop-sequel (0.3.4)
      rubocop (~> 1.0)
    rubocop-thread_safety (0.4.4)
      rubocop (>= 0.53.0)
    ruby-progressbar (1.11.0)
    ruby2_keywords (0.0.5)
    rugged (1.0.1)
    sawyer (0.9.2)
      addressable (>= 2.3.5)
      faraday (>= 0.17.3, < 3)
    standard (1.14.0)
      rubocop (= 1.32.0)
      rubocop-performance (= 1.14.3)
    terminal-table (3.0.2)
      unicode-display_width (>= 1.1.1, < 3)
    thor (1.2.1)
    tzinfo (2.0.5)
      concurrent-ruby (~> 1.0)
    unicode-display_width (2.2.0)

PLATFORMS
  aarch64-linux-musl

DEPENDENCIES
  faraday-retry
  pronto
  pronto-rubocop
  rubocop
  rubocop-i18n
  rubocop-md
  rubocop-minitest
  rubocop-performance
  rubocop-rails
  rubocop-rake
  rubocop-require_tools
  rubocop-rspec
  rubocop-sequel
  rubocop-thread_safety
  standard (~> 1.14.0)

BUNDLED WITH
   2.3.7
